GEM
  remote: https://rubygems.org/
  specs:
    macaddr (1.6.1)
      systemu (~> 2.5.0)
    rake (10.0.4)
    systemu (2.5.2)
    uuid (2.3.7)
      macaddr (~> 1.0)

PLATFORMS
  ruby

DEPENDENCIES
  rake
  uuid
